GEM
  remote: https://rubygems.org/
  specs:
    autoprefixer-rails (5.1.11)
      execjs
      json
    axiom-types (0.1.1)
      descendants_tracker (~> 0.0.4)
      ice_nine (~> 0.11.0)
      thread_safe (~> 0.3, >= 0.3.1)
    bootstrap-sass (3.3.4.1)
      autoprefixer-rails (>= 5.0.0.1)
      sass (>= 3.2.19)
    chunky_png (1.3.4)
    coercible (1.0.0)
      descendants_tracker (~> 0.0.1)
    compass (1.0.3)
      chunky_png (~> 1.2)
      compass-core (~> 1.0.2)
      compass-import-once (~> 1.0.5)
      rb-fsevent (>= 0.9.3)
      rb-inotify (>= 0.9)
      sass (>= 3.3.13, < 3.5)
    compass-core (1.0.3)
      multi_json (~> 1.0)
      sass (>= 3.3.0, < 3.5)
    compass-import-once (1.0.5)
      sass (>= 3.2, < 3.5)
    cuba (3.4.0)
      rack
    descendants_tracker (0.0.4)
      thread_safe (~> 0.3, >= 0.3.1)
    equalizer (0.0.11)
    execjs (2.5.2)
    ffi (1.9.8-java)
    ice_nine (0.11.1)
    jar-dependencies (0.2.3)
    jbundler (0.9.1)
      bundler (~> 1.5)
      jar-dependencies (~> 0.2)
      maven-tools (~> 1.0.10)
      ruby-maven (~> 3.3, >= 3.3.3)
    jruby-jars (1.7.22)
    jruby-rack (1.1.19)
    json (1.8.2-java)
    maven-tools (1.0.13)
      virtus (~> 1.0)
    multi_json (1.11.0)
    rack (1.6.0)
    rake (10.4.2)
    rb-fsevent (0.9.4)
    rb-inotify (0.9.5)
      ffi (>= 0.5.0)
    ruby-maven (3.3.7)
      ruby-maven-libs (~> 3.3.1)
    ruby-maven-libs (3.3.3)
    rubyzip (1.1.7)
    sass (3.4.13)
    thread_safe (0.3.5-java)
    tilt (2.0.1)
    virtus (1.0.5)
      axiom-types (~> 0.1)
      coercible (~> 1.0)
      descendants_tracker (~> 0.0, >= 0.0.3)
      equalizer (~> 0.0, >= 0.0.9)
    warbler (1.4.9)
      jruby-jars (>= 1.5.6, < 2.0)
      jruby-rack (>= 1.1.1, < 1.3)
      rake (>= 0.9.6)
      rubyzip (>= 0.9, < 1.2)

PLATFORMS
  java

DEPENDENCIES
  bootstrap-sass
  compass
  cuba
  jbundler
  jruby-jars (= 1.7.22)
  rack
  rake
  tilt
  warbler (~> 1.4.9)

BUNDLED WITH
   1.10.6
